GEM
  remote: https://rubygems.org/
  specs:
    concurrent-ruby (1.2.3)
    connection_pool (2.4.1)
    rack (3.0.9.1)
    redis-client (0.20.0)
      connection_pool
    sidekiq (7.2.2)
      concurrent-ruby (< 2)
      connection_pool (>= 2.3.0)
      rack (>= 2.2.4)
      redis-client (>= 0.19.0)

PLATFORMS
  arm64-darwin-21

DEPENDENCIES
  sidekiq (~> 7.2.0)

BUNDLED WITH
   2.2.34
